GEM
  remote: http://rubygems.org/
  specs:
    acme-client (0.4.1)
      faraday (~> 0.9, >= 0.9.1)
    aws-sdk (2.6.18)
      aws-sdk-resources (= 2.6.18)
    aws-sdk-core (2.6.18)
      jmespath (~> 1.0)
    aws-sdk-resources (2.6.18)
      aws-sdk-core (= 2.6.18)
    faraday (0.9.2)
      multipart-post (>= 1.2, < 3)
    foreman (0.82.0)
      thor (~> 0.19.1)
    jmespath (1.3.1)
    multipart-post (2.0.0)
    rack (1.6.11)
    rack-protection (1.5.5)
      rack
    sinatra (1.4.8)
      rack (~> 1.5)
      rack-protection (~> 1.4)
      tilt (>= 1.3, < 3)
    thor (0.19.1)
    tilt (2.0.9)

PLATFORMS
  ruby

DEPENDENCIES
  acme-client
  aws-sdk (~> 2)
  foreman
  sinatra (~> 1.4)

RUBY VERSION
   ruby 2.6.4p104

BUNDLED WITH
   1.17.1
